PATH
  remote: .
  specs:
    hakoniwa (0.1.0)
      ffi

GEM
  remote: https://rubygems.org/
  specs:
    coderay (1.1.1)
    ffi (1.9.10)
    method_source (0.8.2)
    power_assert (0.3.0)
    pry (0.10.3)
      coderay (~> 1.1.0)
      method_source (~> 0.8.1)
      slop (~> 3.4)
    rake (10.5.0)
    rr (1.1.2)
    slop (3.6.0)
    test-unit (3.1.9)
      power_assert
    test-unit-rr (1.0.5)
      rr (>= 1.1.1)
      test-unit (>= 2.5.2)

PLATFORMS
  ruby

DEPENDENCIES
  bundler (~> 1.11)
  hakoniwa!
  power_assert
  pry
  rake (~> 10.0)
  test-unit (>= 3)
  test-unit-rr

BUNDLED WITH
   1.11.2
